GEM
  specs:
    curses (1.3.2)
    optimist (3.0.0)

PLATFORMS
  ruby

DEPENDENCIES
  curses
  optimist

BUNDLED WITH
   2.1.4
